{
    "AcquisitionNumber": 1,
    "AcquisitionTime": "09:08:37.612500",
    "BrainVoyagerInfo": {
        "AcquisitionTime": "090837.612500",
        "CalculatedDicomSlice1CenterX": -3.146240234375,
        "CalculatedDicomSlice1CenterY": -37.018226623535156,
        "CalculatedDicomSlice1CenterZ": -81.40409851074219,
        "CalculatedDicomSliceNCenterX": -3.146240234375,
        "CalculatedDicomSliceNCenterY": 13.413830757141113,
        "CalculatedDicomSliceNCenterZ": 35.69781494140625,
        "CoordinateSystem": 1,
        "DataStorageFormat": 2,
        "DataType": 2,
        "DicomColDirX": 0,
        "DicomColDirY": 0.9184463620185852,
        "DicomColDirZ": -0.3955455422401428,
        "DicomFoVCols": 210,
        "DicomFoVRows": 210,
        "DicomGapThickness": 0,
        "DicomNCols": 84,
        "DicomNRows": 84,
        "DicomPosInfoPresent": 1,
        "DicomRowDirX": 1,
        "DicomRowDirY": 0,
        "DicomRowDirZ": 0,
        "DicomSliceThickness": 2.5,
        "DocumentType": "FMR",
        "MultiBandSequence": true,
        "NrOfPastSpatialTransformations": 0,
        "NrOfPreprocessingSteps": 0,
        "NrOfSkippedVolumes": 0,
        "Protocol": {
            "Conditions": [
                {
                    "ColorB": 255,
                    "ColorG": 0,
                    "ColorR": 0,
                    "IntervalsFrom": [
                        17,
                        113,
                        225,
                        289
                    ],
                    "IntervalsTo": [
                        32,
                        128,
                        240,
                        304
                    ],
                    "Name": "Body",
                    "NrOfIntervals": 4
                },
                {
                    "ColorB": 255,
                    "ColorG": 255,
                    "ColorR": 0,
                    "IntervalsFrom": [
                        33,
                        97,
                        209,
                        305
                    ],
                    "IntervalsTo": [
                        48,
                        112,
                        224,
                        320
                    ],
                    "Name": "Face",
                    "NrOfIntervals": 4
                },
                {
                    "ColorB": 0,
                    "ColorG": 255,
                    "ColorR": 255,
                    "IntervalsFrom": [
                        49,
                        145,
                        177,
                        273
                    ],
                    "IntervalsTo": [
                        64,
                        160,
                        192,
                        288
                    ],
                    "Name": "Hand",
                    "NrOfIntervals": 4
                },
                {
                    "ColorB": 0,
                    "ColorG": 0,
                    "ColorR": 255,
                    "IntervalsFrom": [
                        65,
                        129,
                        193,
                        257
                    ],
                    "IntervalsTo": [
                        80,
                        144,
                        208,
                        272
                    ],
                    "Name": "Scrambled",
                    "NrOfIntervals": 4
                }
            ],
            "FileName": "sub-20_ses-01_Localizer_run-1.prt",
            "Name": "newbi4fmri_VAR8_Resting-State",
            "NrOfConditions": 4,
            "TimeCourseColors": {
                "RefTCPenThick": 3,
                "RefTimeCourseB": 80,
                "RefTimeCourseG": 0,
                "RefTimeCourseR": 0,
                "TCBackColorB": 0,
                "TCBackColorG": 0,
                "TCBackColorR": 0,
                "TCPenThick": 3,
                "TCTextColorB": 255,
                "TCTextColorG": 255,
                "TCTextColorR": 255,
                "TimeCourseB": 255,
                "TimeCourseG": 255,
                "TimeCourseR": 255
            },
            "TimeResolution": "Volumes"
        },
        "SliceAcquisitionOrder": 5,
        "SliceAcquisitionOrderVerified": true,
        "SliceGap": 0,
        "SliceThickness": 2.5,
        "SliceTimingTable": [
            0,
            0.5275,
            0.075,
            0.6025,
            0.1525,
            0.68,
            0.2275,
            0.755,
            0.3025,
            0.83,
            0.3775,
            0.905,
            0.4525,
            0,
            0.5275,
            0.075,
            0.6025,
            0.1525,
            0.68,
            0.2275,
            0.755,
            0.3025,
            0.83,
            0.3775,
            0.905,
            0.4525,
            0,
            0.5275,
            0.075,
            0.6025,
            0.1525,
            0.68,
            0.2275,
            0.755,
            0.3025,
            0.83,
            0.3775,
            0.905,
            0.4525,
            0,
            0.5275,
            0.075,
            0.6025,
            0.1525,
            0.68,
            0.2275,
            0.755,
            0.3025,
            0.83,
            0.3775,
            0.905,
            0.4525
        ],
        "SliceTimingTableSize": 52,
        "TE": 0.028,
        "TR": 1,
        "TimeResolutionVerified": true,
        "Version": 1,
        "VoxelResolutionVerified": true
    },
    "ConversionSoftware": "BrainVoyager",
    "ConversionSoftwareVersion": "21.4.5.4030",
    "ImageNumber": 1,
    "ImageOrientationPatientDICOM": [
        1,
        0,
        0,
        0,
        0.91844636706283,
        -0.3955455357214
    ],
    "ImagePositionPatientDICOM": [
        -841.8962495327,
        -807.36509603786,
        250.3597285826
    ],
    "ImageType": "ORIGINAL PRIMARY M MB ND NORM MOSAIC",
    "MagneticFieldStrength": 3,
    "Manufacturer": "SIEMENS",
    "ManufacturersModelName": "Prisma_fit",
    "Modality": "MR",
    "NrOfTemporalPositions": 0,
    "PatientPosition": "HFS",
    "RepetitionTime": 1,
    "SeriesDescription": "ep_mb4_localizer",
    "SeriesNumber": 2,
    "SiemensMosaicSliceAcqOrder": 3,
    "SiemensMosaicTE": 0.028,
    "SiemensMosaicTR": 1,
    "SliceThickness": 2.5,
    "SliceTiming": [
        0,
        0.5275,
        0.075,
        0.6025,
        0.1525,
        0.68,
        0.2275,
        0.755,
        0.3025,
        0.83,
        0.3775,
        0.905,
        0.4525,
        0,
        0.5275,
        0.075,
        0.6025,
        0.1525,
        0.68,
        0.2275,
        0.755,
        0.3025,
        0.83,
        0.3775,
        0.905,
        0.4525,
        0,
        0.5275,
        0.075,
        0.6025,
        0.1525,
        0.68,
        0.2275,
        0.755,
        0.3025,
        0.83,
        0.3775,
        0.905,
        0.4525,
        0,
        0.5275,
        0.075,
        0.6025,
        0.1525,
        0.68,
        0.2275,
        0.755,
        0.3025,
        0.83,
        0.3775,
        0.905,
        0.4525
    ],
    "StudyDescription": "newbi4fmri_VAR8_Resting-State",
    "TaskName": "newbi4fmri_VAR8_Resting-State"
}
