{
    "AcquisitionNumber": 1,
    "AcquisitionTime": "09:42:18.767500",
    "BrainVoyagerInfo": {
        "AcquisitionTime": "094218.767500",
        "CalculatedDicomSlice1CenterX": -3.146240234375,
        "CalculatedDicomSlice1CenterY": -37.018226623535156,
        "CalculatedDicomSlice1CenterZ": -81.40409851074219,
        "CalculatedDicomSliceNCenterX": -3.146240234375,
        "CalculatedDicomSliceNCenterY": 13.413830757141113,
        "CalculatedDicomSliceNCenterZ": 35.69781494140625,
        "CoordinateSystem": 1,
        "DataStorageFormat": 2,
        "DataType": 2,
        "DicomColDirX": 0,
        "DicomColDirY": 0.9184463620185852,
        "DicomColDirZ": -0.3955455422401428,
        "DicomFoVCols": 210,
        "DicomFoVRows": 210,
        "DicomGapThickness": 0,
        "DicomNCols": 84,
        "DicomNRows": 84,
        "DicomPosInfoPresent": 1,
        "DicomRowDirX": 1,
        "DicomRowDirY": 0,
        "DicomRowDirZ": 0,
        "DicomSliceThickness": 2.5,
        "DocumentType": "FMR",
        "MultiBandSequence": true,
        "NrOfPastSpatialTransformations": 0,
        "NrOfPreprocessingSteps": 0,
        "NrOfSkippedVolumes": 0,
        "SliceAcquisitionOrder": 5,
        "SliceAcquisitionOrderVerified": true,
        "SliceGap": 0,
        "SliceThickness": 2.5,
        "SliceTimingTable": [
            0,
            0.5275,
            0.075,
            0.6025,
            0.15,
            0.6775,
            0.225,
            0.7525,
            0.3,
            0.8275,
            0.375,
            0.9025,
            0.4525,
            0,
            0.5275,
            0.075,
            0.6025,
            0.15,
            0.6775,
            0.225,
            0.7525,
            0.3,
            0.8275,
            0.375,
            0.9025,
            0.4525,
            0,
            0.5275,
            0.075,
            0.6025,
            0.15,
            0.6775,
            0.225,
            0.7525,
            0.3,
            0.8275,
            0.375,
            0.9025,
            0.4525,
            0,
            0.5275,
            0.075,
            0.6025,
            0.15,
            0.6775,
            0.225,
            0.7525,
            0.3,
            0.8275,
            0.375,
            0.9025,
            0.4525
        ],
        "SliceTimingTableSize": 52,
        "TE": 0.028,
        "TR": 1,
        "TimeResolutionVerified": true,
        "Version": 1,
        "VoxelResolutionVerified": true
    },
    "ConversionSoftware": "BrainVoyager",
    "ConversionSoftwareVersion": "21.4.5.4030",
    "ImageNumber": 1,
    "ImageOrientationPatientDICOM": [
        1,
        0,
        0,
        0,
        0.91844636706283,
        -0.3955455357214
    ],
    "ImagePositionPatientDICOM": [
        -841.8962495327,
        -807.36509603786,
        250.3597285826
    ],
    "ImageType": "ORIGINAL PRIMARY M MB ND NORM MOSAIC",
    "MagneticFieldStrength": 3,
    "Manufacturer": "SIEMENS",
    "ManufacturersModelName": "Prisma_fit",
    "Modality": "MR",
    "NrOfTemporalPositions": 0,
    "PatientPosition": "HFS",
    "RepetitionTime": 1,
    "SeriesDescription": "ep_mb4_2.5iso_rs_eyes open",
    "SeriesNumber": 6,
    "SiemensMosaicSliceAcqOrder": 3,
    "SiemensMosaicTE": 0.028,
    "SiemensMosaicTR": 1,
    "SliceThickness": 2.5,
    "SliceTiming": [
        0,
        0.5275,
        0.075,
        0.6025,
        0.15,
        0.6775,
        0.225,
        0.7525,
        0.3,
        0.8275,
        0.375,
        0.9025,
        0.4525,
        0,
        0.5275,
        0.075,
        0.6025,
        0.15,
        0.6775,
        0.225,
        0.7525,
        0.3,
        0.8275,
        0.375,
        0.9025,
        0.4525,
        0,
        0.5275,
        0.075,
        0.6025,
        0.15,
        0.6775,
        0.225,
        0.7525,
        0.3,
        0.8275,
        0.375,
        0.9025,
        0.4525,
        0,
        0.5275,
        0.075,
        0.6025,
        0.15,
        0.6775,
        0.225,
        0.7525,
        0.3,
        0.8275,
        0.375,
        0.9025,
        0.4525
    ],
    "StudyDescription": "newbi4fmri_VAR8_Resting-State",
	"TaskName": "newbi4fmri_VAR8_Resting-State"
}
